PATH
  remote: .
  specs:
    minic (0.1.0)

GEM
  remote: https://rubygems.org/
  specs:
    awesome_print (1.8.0)
    byebug (2.7.0)
      columnize (~> 0.3)
      debugger-linecache (~> 1.2)
    coderay (1.1.2)
    columnize (0.9.0)
    debugger-linecache (1.2.0)
    json (2.1.0)
    method_source (0.9.0)
    minitest (5.11.3)
    pry (0.9.12.6)
      coderay (~> 1.0)
      method_source (~> 0.8)
      slop (~> 3.4)
    pry-byebug (1.3.2)
      byebug (~> 2.7)
      pry (~> 0.9.12)
    rake (10.5.0)
    slop (3.6.0)

PLATFORMS
  ruby

DEPENDENCIES
  awesome_print
  bundler (~> 1.16)
  json
  minic!
  minitest (~> 5.0)
  pry
  pry-byebug
  rake (~> 10.0)

BUNDLED WITH
   1.16.1
